GIT
  remote: https://github.com/shiladitya-bits/grpc-commons
  revision: a93cff4f240ad7365c473e531be864adc12caf35
  branch: master
  specs:
    grpc-commons (0.1)
      grpc
      statsd-instrument
      stoplight

GIT
  remote: https://github.com/shiladitya-bits/snip
  revision: 6000f9be86678a1dbf088d326a9f6e087747f8c7
  branch: master
  specs:
    snip (0.1.1)
      grpc
      grpc-commons

GEM
  remote: https://rubygems.org/
  specs:
    concurrent-ruby (1.0.5)
    google-protobuf (3.25.4)
    googleapis-common-protos-types (1.15.0)
      google-protobuf (>= 3.18, < 5.a)
    grpc (1.53.2)
      google-protobuf (~> 3.21)
      googleapis-common-protos-types (~> 1.0)
    statsd-instrument (2.1.2)
    stoplight (2.1.0)
      concurrent-ruby (~> 1.0)

PLATFORMS
  ruby

DEPENDENCIES
  grpc (~> 1.53)
  grpc-commons!
  snip!

BUNDLED WITH
   1.14.6
